GEM
  remote: http://rubygems.org/
  specs:
    haml (3.1.2)
    json (1.5.3)
    oauth (0.4.5)
    rack (1.3.2)
    sinatra (1.2.6)
      rack (~> 1.1)
      tilt (>= 1.2.2, < 2.0)
    tilt (1.3.2)

PLATFORMS
  ruby

DEPENDENCIES
  haml
  json
  oauth
  sinatra
